PATH
  remote: .
  specs:
    sendpulseapi (0.0.5)

GEM
  remote: https://rubygems.org/
  specs:
    diff-lcs (1.3)
    dotenv (2.1.1)
    faker (1.7.3)
      i18n (~> 0.5)
    i18n (0.8.1)
    mini_portile2 (2.1.0)
    nokogiri (1.7.2)
      mini_portile2 (~> 2.1.0)
    rake (10.5.0)
    rspec (3.5.0)
      rspec-core (~> 3.5.0)
      rspec-expectations (~> 3.5.0)
      rspec-mocks (~> 3.5.0)
    rspec-core (3.5.4)
      rspec-support (~> 3.5.0)
    rspec-expectations (3.5.0)
      diff-lcs (>= 1.2.0, < 2.0)
      rspec-support (~> 3.5.0)
    rspec-mocks (3.5.0)
      diff-lcs (>= 1.2.0, < 2.0)
      rspec-support (~> 3.5.0)
    rspec-support (3.5.0)
    tempmailru (0.0.1)

PLATFORMS
  ruby

DEPENDENCIES
  bundler (~> 1.7)
  dotenv (~> 2.1)
  faker (~> 1.7)
  nokogiri (~> 1.7)
  rake (~> 10.0)
  rspec (~> 3.2)
  sendpulseapi!
  tempmailru (~> 0.0.1)

BUNDLED WITH
   1.14.6
